PATH
  remote: .
  specs:
    tigergraph_gem (0.1.0)

GEM
  remote: https://rubygems.org/
  specs:

PLATFORMS
  ruby

DEPENDENCIES
  tigergraph_gem!

BUNDLED WITH
   1.17.3
